GEM
  remote: http://rubygems.org/
  specs:
    awesome_print (1.9.2)
    base64 (0.2.0)
    bigdecimal (3.1.9)
    bundle-audit (0.1.0)
      bundler-audit
    bundler-audit (0.9.2)
      bundler (>= 1.2.0, < 3)
      thor (~> 1.0)
    byebug (11.1.3)
    coderay (1.1.3)
    concurrent-ruby (1.3.4)
    diff-lcs (1.5.1)
    dotenv (3.1.7)
    dry-auto_inject (0.8.0)
      dry-container (>= 0.3.4)
    dry-container (0.11.0)
      concurrent-ruby (~> 1.0)
    fiber-storage (1.0.0)
    foreman (0.88.1)
    graphql (2.4.8)
      base64
      fiber-storage
    logger (1.6.4)
    method_source (1.1.0)
    mustermann (3.0.3)
      ruby2_keywords (~> 0.0.1)
    nio4r (2.7.4)
    pg (1.5.9)
    pry (0.14.2)
      coderay (~> 1.1)
      method_source (~> 1.0)
    pry-byebug (3.10.1)
      byebug (~> 11.0)
      pry (>= 0.13, < 0.15)
    pry-meta (0.0.10)
      awesome_print
      pry
      pry-byebug
      pry-remote
    pry-remote (0.1.8)
      pry (~> 0.9)
      slop (~> 3.0)
    puma (6.5.0)
      nio4r (~> 2.0)
    rack (3.1.8)
    rack-protection (4.1.1)
      base64 (>= 0.1.0)
      logger (>= 1.6.0)
      rack (>= 3.0.0, < 4)
    rack-session (2.0.0)
      rack (>= 3.0.0)
    rake (13.2.1)
    rspec (3.13.0)
      rspec-core (~> 3.13.0)
      rspec-expectations (~> 3.13.0)
      rspec-mocks (~> 3.13.0)
    rspec-core (3.13.2)
      rspec-support (~> 3.13.0)
    rspec-expectations (3.13.3)
      diff-lcs (>= 1.2.0, < 2.0)
      rspec-support (~> 3.13.0)
    rspec-mocks (3.13.2)
      diff-lcs (>= 1.2.0, < 2.0)
      rspec-support (~> 3.13.0)
    rspec-support (3.13.2)
    ruby2_keywords (0.0.5)
    sequel (5.87.0)
      bigdecimal
    shotgun (0.9.2)
      rack (>= 1.0)
    sinatra (4.1.1)
      logger (>= 1.6.0)
      mustermann (~> 3.0)
      rack (>= 3.0.0, < 4)
      rack-protection (= 4.1.1)
      rack-session (>= 2.0.0, < 3)
      tilt (~> 2.0)
    sinatra-cors (1.2.0)
    slop (3.6.0)
    thor (1.3.2)
    tilt (2.5.0)

PLATFORMS
  arm64-darwin-23
  ruby

DEPENDENCIES
  bundle-audit
  dotenv (= 3.1.7)
  dry-auto_inject (~> 0.8.0)
  foreman (= 0.88.1)
  graphql (= 2.4.8)
  pg (~> 1.2, >= 1.2.3)
  pry (= 0.14.2)
  pry-meta
  puma (= 6.5.0)
  rake (~> 13.0, >= 13.0.6)
  rspec (~> 3.9)
  sequel (~> 5.50)
  shotgun
  sinatra (>= 4.1.0)
  sinatra-cors (~> 1.2)

RUBY VERSION
   ruby 3.3.4p94

BUNDLED WITH
   2.6.2
